PATH
  remote: .
  specs:
    high_five (0.3.0)
      chunky_png
      coffee-script (~> 2.2.0)
      compass (~> 0.12.2)
      multi_json (~> 1.0)
      nokogiri (>= 1.5.0)
      plist (>= 3.0)
      sprockets (>= 2.0)
      thor (~> 0.18.0)
      uglifier (~> 2.1.1)
      webrick
      yui-compressor (~> 0.12.0)

GEM
  remote: https://rubygems.org/
  specs:
    chunky_png (1.3.3)
    coderay (1.1.0)
    coffee-script (2.2.0)
      coffee-script-source
      execjs
    coffee-script-source (1.8.0)
    compass (0.12.7)
      chunky_png (~> 1.2)
      fssm (>= 0.2.7)
      sass (~> 3.2.19)
    diff-lcs (1.2.5)
    execjs (2.2.2)
    fssm (0.2.10)
    hike (1.2.3)
    method_source (0.8.2)
    mini_portile (0.6.1)
    multi_json (1.10.1)
    nokogiri (1.6.4)
      mini_portile (~> 0.6.0)
    plist (3.1.0)
    pry (0.10.1)
      coderay (~> 1.1.0)
      method_source (~> 0.8.1)
      slop (~> 3.4)
    rack (1.5.2)
    rspec (2.13.0)
      rspec-core (~> 2.13.0)
      rspec-expectations (~> 2.13.0)
      rspec-mocks (~> 2.13.0)
    rspec-core (2.13.1)
    rspec-expectations (2.13.0)
      diff-lcs (>= 1.1.3, < 2.0)
    rspec-mocks (2.13.1)
    sass (3.2.19)
    slop (3.6.0)
    sprockets (2.12.3)
      hike (~> 1.2)
      multi_json (~> 1.0)
      rack (~> 1.0)
      tilt (~> 1.1, != 1.3.0)
    thor (0.18.1)
    tilt (1.4.1)
    uglifier (2.1.2)
      execjs (>= 0.3.0)
      multi_json (~> 1.0, >= 1.0.2)
    webrick (1.3.1)
    yui-compressor (0.12.0)

PLATFORMS
  ruby

DEPENDENCIES
  high_five!
  pry
  rspec (~> 2.13.0)
