PATH
  remote: .
  specs:
    high_five (0.0.1)
      compass (~> 0.12.2)
      sprockets (~> 2.9.0)
      thor (~> 0.17.0)
      yui-compressor (~> 0.9.6)

GEM
  remote: https://rubygems.org/
  specs:
    POpen4 (0.1.4)
      Platform (>= 0.4.0)
      open4
    Platform (0.4.0)
    chunky_png (1.2.7)
    compass (0.12.2)
      chunky_png (~> 1.2)
      fssm (>= 0.2.7)
      sass (~> 3.1)
    diff-lcs (1.2.1)
    fssm (0.2.10)
    hike (1.2.1)
    multi_json (1.7.2)
    open4 (1.3.0)
    rack (1.5.2)
    rspec (2.13.0)
      rspec-core (~> 2.13.0)
      rspec-expectations (~> 2.13.0)
      rspec-mocks (~> 2.13.0)
    rspec-core (2.13.1)
    rspec-expectations (2.13.0)
      diff-lcs (>= 1.1.3, < 2.0)
    rspec-mocks (2.13.0)
    sass (3.2.7)
    sprockets (2.9.0)
      hike (~> 1.2)
      multi_json (~> 1.0)
      rack (~> 1.0)
      tilt (~> 1.1, != 1.3.0)
    thor (0.17.0)
    tilt (1.3.6)
    yui-compressor (0.9.6)
      POpen4 (>= 0.1.4)

PLATFORMS
  ruby

DEPENDENCIES
  high_five!
  rspec (~> 2.13.0)
